GEM
  remote: https://rubygems.org/
  specs:
    activemodel (6.0.3.4)
      activesupport (= 6.0.3.4)
    activerecord (6.0.3.4)
      activemodel (= 6.0.3.4)
      activesupport (= 6.0.3.4)
    activesupport (6.0.3.4)
      concurrent-ruby (~> 1.0, >= 1.0.2)
      i18n (>= 0.7, < 2)
      minitest (~> 5.1)
      tzinfo (~> 1.1)
      zeitwerk (~> 2.2, >= 2.2.2)
    bcrypt (3.1.16)
    coderay (1.1.3)
    concurrent-ruby (1.1.7)
    database_cleaner (1.8.5)
    database_cleaner-active_record (1.8.0)
      activerecord
      database_cleaner (~> 1.8.0)
    diff-lcs (1.4.4)
    ffi (1.13.1)
    i18n (1.8.5)
      concurrent-ruby (~> 1.0)
    listen (3.3.1)
      rb-fsevent (~> 0.10, >= 0.10.3)
      rb-inotify (~> 0.9, >= 0.9.10)
    method_source (1.0.0)
    mini_portile2 (2.4.0)
    minitest (5.14.2)
    mustermann (1.1.1)
      ruby2_keywords (~> 0.0.1)
    newrelic_rpm (6.14.0)
    nio4r (2.5.4)
    nokogiri (1.10.10)
      mini_portile2 (~> 2.4.0)
    pg (1.2.3)
    pry (0.13.1)
      coderay (~> 1.1)
      method_source (~> 1.0)
    puma (5.0.4)
      nio4r (~> 2.0)
    rack (2.2.3)
    rack-protection (2.1.0)
      rack
    rack-test (1.1.0)
      rack (>= 1.0, < 3)
    rake (13.0.1)
    rb-fsevent (0.10.4)
    rb-inotify (0.10.1)
      ffi (~> 1.0)
    rerun (0.13.0)
      listen (~> 3.0)
    rspec (3.10.0)
      rspec-core (~> 3.10.0)
      rspec-expectations (~> 3.10.0)
      rspec-mocks (~> 3.10.0)
    rspec-core (3.10.0)
      rspec-support (~> 3.10.0)
    rspec-expectations (3.10.0)
      diff-lcs (>= 1.2.0, < 2.0)
      rspec-support (~> 3.10.0)
    rspec-html-matchers (0.9.4)
      nokogiri (~> 1)
      rspec (>= 3.0.0.a, < 4)
    rspec-mocks (3.10.0)
      diff-lcs (>= 1.2.0, < 2.0)
      rspec-support (~> 3.10.0)
    rspec-support (3.10.0)
    ruby2_keywords (0.0.2)
    sinatra (2.1.0)
      mustermann (~> 1.0)
      rack (~> 2.2)
      rack-protection (= 2.1.0)
      tilt (~> 2.0)
    sinatra-activerecord (2.0.21)
      activerecord (>= 4.1)
      sinatra (>= 1.0)
    thread_safe (0.3.6)
    tilt (2.0.10)
    tzinfo (1.2.8)
      thread_safe (~> 0.1)
    zeitwerk (2.4.1)

PLATFORMS
  ruby

DEPENDENCIES
  activerecord
  bcrypt
  database_cleaner-active_record
  newrelic_rpm
  pg
  pry
  puma
  rack-test
  rake
  rerun
  rspec
  rspec-html-matchers
  sinatra
  sinatra-activerecord

RUBY VERSION
   ruby 2.6.6p146

BUNDLED WITH
   1.17.3
